GEM
  remote: https://rubygems.org/
  specs:
    rack (2.0.3)
    roda (3.0.0)
      rack

PLATFORMS
  ruby

DEPENDENCIES
  roda

BUNDLED WITH
   1.16.0.pre.2
